PATH
  remote: .
  specs:
    floss (0.2.0)
      git (~> 1.8, >= 1.8.1)
      gli (~> 2.20)
      tty-spinner (~> 0.9.3)
      yaml (~> 0.1.1)

GEM
  remote: https://rubygems.org/
  specs:
    diff-lcs (1.4.4)
    git (1.10.2)
      rchardet (~> 1.8)
    gli (2.21.0)
    rake (13.0.3)
    rchardet (1.8.0)
    rspec (3.10.0)
      rspec-core (~> 3.10.0)
      rspec-expectations (~> 3.10.0)
      rspec-mocks (~> 3.10.0)
    rspec-core (3.10.1)
      rspec-support (~> 3.10.0)
    rspec-expectations (3.10.1)
      diff-lcs (>= 1.2.0, < 2.0)
      rspec-support (~> 3.10.0)
    rspec-mocks (3.10.2)
      diff-lcs (>= 1.2.0, < 2.0)
      rspec-support (~> 3.10.0)
    rspec-support (3.10.2)
    tty-cursor (0.7.1)
    tty-spinner (0.9.3)
      tty-cursor (~> 0.7)
    yaml (0.1.1)

PLATFORMS
  x86_64-linux

DEPENDENCIES
  floss!
  rake (~> 13.0, >= 13.0.3)
  rspec (~> 3.10)

BUNDLED WITH
   2.2.24
